PATH
  remote: .
  specs:
    hola_huzefa (0.1.0)

GEM
  remote: https://rubygems.org/
  specs:
    rake (10.4.2)

PLATFORMS
  ruby

DEPENDENCIES
  bundler (~> 1.12)
  hola_huzefa!
  rake (~> 10.0)

BUNDLED WITH
   1.12.4
